GIT
  remote: https://github.com/matthewd/websocket-client-simple.git
  revision: e161305f1a466b9398d86df3b1731b03362da91b
  branch: close-race
  specs:
    websocket-client-simple (0.3.0)
      event_emitter
      websocket

PATH
  remote: .
  specs:
    actioncable (7.0.10)
      actionpack (= 7.0.10)
      activesupport (= 7.0.10)
      nio4r (~> 2.0)
      websocket-driver (>= 0.6.1)
    actionmailbox (7.0.10)
      actionpack (= 7.0.10)
      activejob (= 7.0.10)
      activerecord (= 7.0.10)
      activestorage (= 7.0.10)
      activesupport (= 7.0.10)
      mail (>= 2.7.1)
      net-imap
      net-pop
      net-smtp
    actionmailer (7.0.10)
      actionpack (= 7.0.10)
      actionview (= 7.0.10)
      activejob (= 7.0.10)
      activesupport (= 7.0.10)
      mail (~> 2.5, >= 2.5.4)
      net-imap
      net-pop
      net-smtp
      rails-dom-testing (~> 2.0)
    actionpack (7.0.10)
      actionview (= 7.0.10)
      activesupport (= 7.0.10)
      racc
      rack (~> 2.0, >= 2.2.4)
      rack-test (>= 0.6.3)
      rails-dom-testing (~> 2.0)
      rails-html-sanitizer (~> 1.0, >= 1.2.0)
    actiontext (7.0.10)
      actionpack (= 7.0.10)
      activerecord (= 7.0.10)
      activestorage (= 7.0.10)
      activesupport (= 7.0.10)
      globalid (>= 0.6.0)
      nokogiri (>= 1.8.5)
    actionview (7.0.10)
      activesupport (= 7.0.10)
      builder (~> 3.1)
      erubi (~> 1.4)
      rails-dom-testing (~> 2.0)
      rails-html-sanitizer (~> 1.1, >= 1.2.0)
    activejob (7.0.10)
      activesupport (= 7.0.10)
      globalid (>= 0.3.6)
    activemodel (7.0.10)
      activesupport (= 7.0.10)
    activerecord (7.0.10)
      activemodel (= 7.0.10)
      activesupport (= 7.0.10)
    activestorage (7.0.10)
      actionpack (= 7.0.10)
      activejob (= 7.0.10)
      activerecord (= 7.0.10)
      activesupport (= 7.0.10)
      marcel (~> 1.0)
      mini_mime (>= 1.1.0)
    activesupport (7.0.10)
      base64
      benchmark (>= 0.3)
      bigdecimal
      concurrent-ruby (~> 1.0, >= 1.0.2)
      drb
      i18n (>= 1.6, < 2)
      logger (>= 1.4.2)
      minitest (>= 5.1)
      mutex_m
      securerandom (>= 0.3)
      tzinfo (~> 2.0)
    rails (7.0.10)
      actioncable (= 7.0.10)
      actionmailbox (= 7.0.10)
      actionmailer (= 7.0.10)
      actionpack (= 7.0.10)
      actiontext (= 7.0.10)
      actionview (= 7.0.10)
      activejob (= 7.0.10)
      activemodel (= 7.0.10)
      activerecord (= 7.0.10)
      activestorage (= 7.0.10)
      activesupport (= 7.0.10)
      bundler (>= 1.15.0)
      railties (= 7.0.10)
    railties (7.0.10)
      actionpack (= 7.0.10)
      activesupport (= 7.0.10)
      method_source
      rake (>= 12.2)
      thor (~> 1.0)
      zeitwerk (~> 2.5)

PATH
  remote: tools/releaser
  specs:
    releaser (1.0.0)
      minitest
      rake (~> 13.0)

GEM
  remote: https://rubygems.org/
  specs:
    addressable (2.8.7)
      public_suffix (>= 2.0.2, < 7.0)
    amq-protocol (2.3.2)
    ast (2.4.2)
    aws-eventstream (1.2.0)
    aws-partitions (1.693.0)
    aws-sdk-core (3.168.4)
      aws-eventstream (~> 1, >= 1.0.2)
      aws-partitions (~> 1, >= 1.651.0)
      aws-sigv4 (~> 1.5)
      jmespath (~> 1, >= 1.6.1)
    aws-sdk-kms (1.61.0)
      aws-sdk-core (~> 3, >= 3.165.0)
      aws-sigv4 (~> 1.1)
    aws-sdk-s3 (1.117.2)
      aws-sdk-core (~> 3, >= 3.165.0)
      aws-sdk-kms (~> 1)
      aws-sigv4 (~> 1.4)
    aws-sdk-sns (1.57.0)
      aws-sdk-core (~> 3, >= 3.165.0)
      aws-sigv4 (~> 1.1)
    aws-sigv4 (1.5.2)
      aws-eventstream (~> 1, >= 1.0.2)
    azure-storage-blob (2.0.3)
      azure-storage-common (~> 2.0)
      nokogiri (~> 1, >= 1.10.8)
    azure-storage-common (2.0.4)
      faraday (~> 1.0)
      faraday_middleware (~> 1.0, >= 1.0.0.rc1)
      net-http-persistent (~> 4.0)
      nokogiri (~> 1, >= 1.10.8)
    backburner (1.6.1)
      beaneater (~> 1.0)
      concurrent-ruby (~> 1.0, >= 1.0.1)
      dante (> 0.1.5)
    base64 (0.3.0)
    bcrypt (3.1.18)
    beaneater (1.1.3)
    benchmark (0.5.0)
    benchmark-ips (2.10.0)
    bigdecimal (3.3.1)
    blade (0.7.3)
      activesupport (>= 3.0.0)
      blade-qunit_adapter (>= 2.0.1)
      coffee-script
      coffee-script-source
      curses (>= 1.4.0)
      eventmachine
      faye
      sprockets (>= 3.0)
      thin (>= 1.6.0)
      thor (>= 0.19.1)
      useragent (>= 0.16.7)
    blade-qunit_adapter (2.0.1)
    bootsnap (1.15.0)
      msgpack (~> 1.2)
    builder (3.3.0)
    bunny (2.20.2)
      amq-protocol (~> 2.3, >= 2.3.1)
      sorted_set (~> 1, >= 1.0.2)
    capybara (3.38.0)
      addressable
      matrix
      mini_mime (>= 0.1.3)
      nokogiri (~> 1.8)
      rack (>= 1.6.0)
      rack-test (>= 0.6.3)
      regexp_parser (>= 1.5, < 3.0)
      xpath (~> 3.2)
    cgi (0.3.6)
    coffee-script (2.4.1)
      coffee-script-source
      execjs
    coffee-script-source (1.12.2)
    concurrent-ruby (1.3.5)
    connection_pool (2.3.0)
    cookiejar (0.3.4)
    crack (1.0.0)
      bigdecimal
      rexml
    crass (1.0.6)
    cssbundling-rails (1.1.2)
      railties (>= 6.0.0)
    curses (1.4.6)
    daemons (1.4.1)
    dalli (3.2.3)
    dante (0.2.0)
    date (3.3.3)
    debug (1.7.1)
      irb (>= 1.5.0)
      reline (>= 0.3.1)
    declarative (0.0.20)
    delayed_job (4.1.11)
      activesupport (>= 3.0, < 8.0)
    delayed_job_active_record (4.1.7)
      activerecord (>= 3.0, < 8.0)
      delayed_job (>= 3.0, < 5)
    digest-crc (0.6.4)
      rake (>= 12.0.0, < 14.0.0)
    drb (2.2.3)
    em-http-request (1.1.7)
      addressable (>= 2.3.4)
      cookiejar (!= 0.3.1)
      em-socksify (>= 0.3)
      eventmachine (>= 1.0.3)
      http_parser.rb (>= 0.6.0)
    em-socksify (0.3.2)
      eventmachine (>= 1.0.0.beta.4)
    erb (5.1.1)
    erubi (1.13.1)
    et-orbi (1.2.7)
      tzinfo
    event_emitter (0.2.6)
    eventmachine (1.2.7)
    execjs (2.8.1)
    faraday (1.10.2)
      faraday-em_http (~> 1.0)
      faraday-em_synchrony (~> 1.0)
      faraday-excon (~> 1.1)
      faraday-httpclient (~> 1.0)
      faraday-multipart (~> 1.0)
      faraday-net_http (~> 1.0)
      faraday-net_http_persistent (~> 1.0)
      faraday-patron (~> 1.0)
      faraday-rack (~> 1.0)
      faraday-retry (~> 1.0)
      ruby2_keywords (>= 0.0.4)
    faraday-em_http (1.0.0)
    faraday-em_synchrony (1.0.0)
    faraday-excon (1.1.0)
    faraday-httpclient (1.0.1)
    faraday-multipart (1.0.4)
      multipart-post (~> 2)
    faraday-net_http (1.0.1)
    faraday-net_http_persistent (1.2.0)
    faraday-patron (1.0.0)
    faraday-rack (1.0.0)
    faraday-retry (1.0.3)
    faraday_middleware (1.2.0)
      faraday (~> 1.0)
    faye (1.4.0)
      cookiejar (>= 0.3.0)
      em-http-request (>= 1.1.6)
      eventmachine (>= 0.12.0)
      faye-websocket (>= 0.11.0)
      multi_json (>= 1.0.0)
      rack (>= 1.0.0)
      websocket-driver (>= 0.5.1)
    faye-websocket (0.11.1)
      eventmachine (>= 0.12.0)
      websocket-driver (>= 0.5.1)
    ffi (1.15.5)
    fugit (1.8.0)
      et-orbi (~> 1, >= 1.2.7)
      raabro (~> 1.4)
    globalid (1.2.1)
      activesupport (>= 6.1)
    google-apis-core (0.9.5)
      addressable (~> 2.5, >= 2.5.1)
      googleauth (>= 0.16.2, < 2.a)
      httpclient (>= 2.8.1, < 3.a)
      mini_mime (~> 1.0)
      representable (~> 3.0)
      retriable (>= 2.0, < 4.a)
      rexml
      webrick
    google-apis-iamcredentials_v1 (0.16.0)
      google-apis-core (>= 0.9.1, < 2.a)
    google-apis-storage_v1 (0.19.0)
      google-apis-core (>= 0.9.0, < 2.a)
    google-cloud-core (1.6.0)
      google-cloud-env (~> 1.0)
      google-cloud-errors (~> 1.0)
    google-cloud-env (1.6.0)
      faraday (>= 0.17.3, < 3.0)
    google-cloud-errors (1.3.0)
    google-cloud-storage (1.44.0)
      addressable (~> 2.8)
      digest-crc (~> 0.4)
      google-apis-iamcredentials_v1 (~> 0.1)
      google-apis-storage_v1 (~> 0.19.0)
      google-cloud-core (~> 1.6)
      googleauth (>= 0.16.2, < 2.a)
      mini_mime (~> 1.0)
    googleauth (1.3.0)
      faraday (>= 0.17.3, < 3.a)
      jwt (>= 1.4, < 3.0)
      memoist (~> 0.16)
      multi_json (~> 1.11)
      os (>= 0.9, < 2.0)
      signet (>= 0.16, < 2.a)
    hashdiff (1.1.2)
    hiredis (0.6.3)
    http_parser.rb (0.8.0)
    httpclient (2.8.3)
    i18n (1.14.7)
      concurrent-ruby (~> 1.0)
    image_processing (1.12.2)
      mini_magick (>= 4.9.5, < 5)
      ruby-vips (>= 2.0.17, < 3)
    importmap-rails (1.2.3)
      actionpack (>= 6.0.0)
      activesupport (>= 6.0.0)
      railties (>= 6.0.0)
    io-console (0.6.0)
    irb (1.6.3)
      reline (>= 0.3.0)
    jmespath (1.6.2)
    jsbundling-rails (1.1.1)
      railties (>= 6.0.0)
    json (2.6.3)
    jwt (2.6.0)
    language_server-protocol (3.17.0.3)
    libxml-ruby (5.0.3)
    listen (3.8.0)
      rb-fsevent (~> 0.10, >= 0.10.3)
      rb-inotify (~> 0.9, >= 0.9.10)
    logger (1.7.0)
    loofah (2.24.1)
      crass (~> 1.0.2)
      nokogiri (>= 1.12.0)
    mail (2.8.1)
      mini_mime (>= 0.1.1)
      net-imap
      net-pop
      net-smtp
    marcel (1.0.2)
    matrix (0.4.2)
    memoist (0.16.2)
    method_source (1.1.0)
    mini_magick (4.12.0)
    mini_mime (1.1.2)
    mini_portile2 (2.8.9)
    minitest (5.15.0)
    minitest-bisect (1.6.0)
      minitest-server (~> 1.0)
      path_expander (~> 1.1)
    minitest-ci (3.4.0)
      minitest (>= 5.0.6)
    minitest-retry (0.2.2)
      minitest (>= 5.0)
    minitest-server (1.0.6)
      minitest (~> 5.0)
    mono_logger (1.1.1)
    msgpack (1.6.0)
    multi_json (1.15.0)
    multipart-post (2.2.3)
    mustermann (3.0.0)
      ruby2_keywords (~> 0.0.1)
    mutex_m (0.3.0)
    mysql2 (0.5.6)
    net-http-persistent (4.0.1)
      connection_pool (~> 2.2)
    net-imap (0.3.7)
      date
      net-protocol
    net-pop (0.1.2)
      net-protocol
    net-protocol (0.2.2)
      timeout
    net-smtp (0.5.1)
      net-protocol
    nio4r (2.7.3)
    nokogiri (1.18.10)
      mini_portile2 (~> 2.8.2)
      racc (~> 1.4)
    nokogiri (1.18.10-aarch64-linux-gnu)
      racc (~> 1.4)
    nokogiri (1.18.10-x86_64-linux-gnu)
      racc (~> 1.4)
    os (1.1.4)
    parallel (1.26.3)
    parser (3.3.6.0)
      ast (~> 2.4.1)
      racc
    path_expander (1.1.1)
    pg (1.5.1)
    propshaft (1.3.1)
      actionpack (>= 7.0.0)
      activesupport (>= 7.0.0)
      rack
    psych (5.2.6)
      date
      stringio
    public_suffix (6.0.1)
    puma (6.0.2)
      nio4r (~> 2.0)
    que (1.4.0)
    queue_classic (4.0.0)
      pg (>= 1.1, < 2.0)
    raabro (1.4.0)
    racc (1.8.1)
    rack (2.2.20)
    rack-cache (1.13.0)
      rack (>= 0.4)
    rack-protection (3.0.5)
      rack
    rack-test (1.1.0)
      rack (>= 1.0, < 3)
    rails-dom-testing (2.3.0)
      activesupport (>= 5.0.0)
      minitest
      nokogiri (>= 1.6)
    rails-html-sanitizer (1.6.2)
      loofah (~> 2.21)
      nokogiri (>= 1.15.7, != 1.16.7, != 1.16.6, != 1.16.5, != 1.16.4, != 1.16.3, != 1.16.2, != 1.16.1, != 1.16.0.rc1, != 1.16.0)
    rainbow (3.1.1)
    rake (13.3.0)
    rb-fsevent (0.11.2)
    rb-inotify (0.10.1)
      ffi (~> 1.0)
    rbtree (0.4.6)
    rdoc (6.15.0)
      erb
      psych (>= 4.0.0)
      tsort
    readline-ext (0.1.5)
    redcarpet (3.2.3)
    redis (4.8.0)
    redis-client (0.12.1)
      connection_pool
    redis-namespace (1.10.0)
      redis (>= 4)
    regexp_parser (2.9.3)
    reline (0.3.2)
      io-console (~> 0.5)
    representable (3.2.0)
      declarative (< 0.1.0)
      trailblazer-option (>= 0.1.1, < 0.2.0)
      uber (< 0.2.0)
    resque (2.4.0)
      mono_logger (~> 1.0)
      multi_json (~> 1.0)
      redis-namespace (~> 1.6)
      sinatra (>= 0.9.2)
    resque-scheduler (4.7.0)
      mono_logger (~> 1.0)
      redis (>= 3.3)
      resque (>= 1.27)
      rufus-scheduler (~> 3.2, != 3.3)
    retriable (3.1.2)
    rexml (3.4.0)
    rouge (4.0.1)
    rubocop (1.69.1)
      json (~> 2.3)
      language_server-protocol (>= 3.17.0)
      parallel (~> 1.10)
      parser (>= 3.3.0.2)
      rainbow (>= 2.2.2, < 4.0)
      regexp_parser (>= 2.9.3, < 3.0)
      rubocop-ast (>= 1.36.2, < 2.0)
      ruby-progressbar (~> 1.7)
      unicode-display_width (>= 2.4.0, < 4.0)
    rubocop-ast (1.36.2)
      parser (>= 3.3.1.0)
    rubocop-minitest (0.26.1)
      rubocop (>= 0.90, < 2.0)
    rubocop-packaging (0.5.2)
      rubocop (>= 1.33, < 2.0)
    rubocop-performance (1.15.2)
      rubocop (>= 1.7.0, < 2.0)
      rubocop-ast (>= 0.4.0)
    rubocop-rails (2.17.4)
      activesupport (>= 4.2.0)
      rack (>= 1.1)
      rubocop (>= 1.33.0, < 2.0)
    ruby-progressbar (1.13.0)
    ruby-vips (2.1.4)
      ffi (~> 1.12)
    ruby2_keywords (0.0.5)
    rubyzip (2.3.2)
    rufus-scheduler (3.8.2)
      fugit (~> 1.1, >= 1.1.6)
    sdoc (2.6.5)
      rdoc (>= 5.0)
    securerandom (0.4.1)
    selenium-webdriver (4.32.0)
      base64 (~> 0.2)
      logger (~> 1.4)
      rexml (~> 3.2, >= 3.2.5)
      rubyzip (>= 1.2.2, < 3.0)
      websocket (~> 1.0)
    sequel (5.64.0)
    serverengine (2.0.7)
      sigdump (~> 0.2.2)
    set (1.1.2)
    sidekiq (7.0.3)
      concurrent-ruby (< 2)
      connection_pool (>= 2.3.0)
      rack (>= 2.2.4)
      redis-client (>= 0.11.0)
    sigdump (0.2.4)
    signet (0.17.0)
      addressable (~> 2.8)
      faraday (>= 0.17.5, < 3.a)
      jwt (>= 1.5, < 3.0)
      multi_json (~> 1.10)
    sinatra (3.0.5)
      mustermann (~> 3.0)
      rack (~> 2.2, >= 2.2.4)
      rack-protection (= 3.0.5)
      tilt (~> 2.0)
    sneakers (2.11.0)
      bunny (~> 2.12)
      concurrent-ruby (~> 1.0)
      rake
      serverengine (~> 2.0.5)
      thor
    sorted_set (1.0.3)
      rbtree
      set (~> 1.0)
    sprockets (4.2.0)
      concurrent-ruby (~> 1.0)
      rack (>= 2.2.4, < 4)
    sprockets-export (1.0.0)
    sprockets-rails (3.4.2)
      actionpack (>= 5.2)
      activesupport (>= 5.2)
      sprockets (>= 3.0.0)
    sqlite3 (1.7.3)
      mini_portile2 (~> 2.8.0)
    stackprof (0.2.23)
    stimulus-rails (1.2.1)
      railties (>= 6.0.0)
    stringio (3.1.7)
    sucker_punch (3.1.0)
      concurrent-ruby (~> 1.0)
    tailwindcss-rails (4.3.0)
      railties (>= 7.0.0)
      tailwindcss-ruby (~> 4.0)
    tailwindcss-ruby (4.1.13)
    tailwindcss-ruby (4.1.13-aarch64-linux-gnu)
    tailwindcss-ruby (4.1.13-x86_64-linux-gnu)
    terser (1.1.13)
      execjs (>= 0.3.0, < 3)
    thin (1.8.1)
      daemons (~> 1.0, >= 1.0.9)
      eventmachine (~> 1.0, >= 1.0.4)
      rack (>= 1, < 3)
    thor (1.4.0)
    tilt (2.0.11)
    timeout (0.4.3)
    trailblazer-option (0.1.2)
    tsort (0.2.0)
    turbo-rails (1.3.2)
      actionpack (>= 6.0.0)
      activejob (>= 6.0.0)
      railties (>= 6.0.0)
    tzinfo (2.0.6)
      concurrent-ruby (~> 1.0)
    uber (0.1.0)
    unicode-display_width (3.1.2)
      unicode-emoji (~> 4.0, >= 4.0.4)
    unicode-emoji (4.0.4)
    uri (0.13.0)
    useragent (0.16.10)
    w3c_validators (1.3.7)
      json (>= 1.8)
      nokogiri (~> 1.6)
      rexml (~> 3.2)
    webmock (3.25.0)
      addressable (>= 2.8.0)
      crack (>= 0.3.2)
      hashdiff (>= 0.4.0, < 2.0.0)
    webrick (1.7.0)
    websocket (1.2.9)
    websocket-driver (0.7.5)
      websocket-extensions (>= 0.1.0)
    websocket-extensions (0.1.5)
    xpath (3.2.0)
      nokogiri (~> 1.8)
    zeitwerk (2.7.3)

PLATFORMS
  aarch64-linux
  ruby
  x86_64-linux

DEPENDENCIES
  activerecord-jdbcmysql-adapter (>= 1.3.0)
  activerecord-jdbcpostgresql-adapter (>= 1.3.0)
  activerecord-jdbcsqlite3-adapter (>= 1.3.0)
  aws-sdk-s3
  aws-sdk-sns
  azure-storage-blob (~> 2.0)
  backburner
  bcrypt (~> 3.1.11)
  benchmark-ips
  blade
  bootsnap (>= 1.4.4)
  capybara (>= 3.26)
  cgi (>= 0.3.6)
  connection_pool
  cssbundling-rails
  dalli (>= 3.0.1)
  debug (>= 1.1.0)
  delayed_job
  delayed_job_active_record
  google-cloud-storage (~> 1.11)
  hiredis
  image_processing (~> 1.2)
  importmap-rails (>= 1.2.3, < 2)
  jsbundling-rails
  json (>= 2.0.0, < 2.7)
  libxml-ruby
  listen (~> 3.3)
  minitest (>= 5.15.0, < 5.16.0)
  minitest-bisect
  minitest-ci
  minitest-retry
  mysql2 (~> 0.5, < 0.5.7)
  nokogiri (>= 1.8.1, != 1.11.0)
  pg (~> 1.3)
  propshaft (>= 0.1.7)
  puma (>= 5.0.3)
  que (< 2)
  queue_classic
  racc (>= 1.4.6)
  rack-cache (~> 1.2)
  rack-test (< 2)
  rails!
  rake (>= 13)
  readline-ext
  redcarpet (~> 3.2.3)
  redis (~> 4.0)
  redis-namespace
  releaser!
  resque
  resque-scheduler
  rexml
  rouge
  rubocop (>= 0.90)
  rubocop-minitest
  rubocop-packaging
  rubocop-performance
  rubocop-rails
  rubyzip (~> 2.0)
  sdoc (>= 2.3.0)
  selenium-webdriver (>= 4.11.0)
  sequel
  sidekiq
  sneakers
  sprockets-export
  sprockets-rails (>= 2.0.0)
  sqlite3 (~> 1.6, >= 1.6.6)
  stackprof
  stimulus-rails
  sucker_punch
  tailwindcss-rails
  terser (>= 1.1.4)
  turbo-rails
  tzinfo-data
  uri (< 0.13.1)
  w3c_validators (~> 1.3.6)
  wdm (>= 0.1.0)
  webmock
  webrick
  websocket-client-simple!

BUNDLED WITH
   2.7.2
